PATH
  remote: .
  specs:
    mud (0.0.4)
      hpricot (>= 0.8.4)
      sinatra (>= 1.1.2)
      thor (>= 0.14.6)

GEM
  remote: http://rubygems.org/
  specs:
    hpricot (0.8.4)
    rack (1.2.2)
    sinatra (1.1.2)
      rack (~> 1.1)
      tilt (~> 1.2)
    thor (0.14.6)
    tilt (1.2.2)

PLATFORMS
  ruby

DEPENDENCIES
  hpricot (>= 0.8.4)
  mud!
  sinatra (>= 1.1.2)
  thor (>= 0.14.6)
